GEM
  remote: https://rubygems.org/
  specs:
    byebug (11.1.3)
    coderay (1.1.3)
    memoist (0.16.2)
    method_source (1.0.0)
    minitest (5.20.0)
    optparse (0.4.0)
    pry (0.14.2)
      coderay (~> 1.1)
      method_source (~> 1.0)
    pry-byebug (3.10.1)
      byebug (~> 11.0)
      pry (>= 0.13, < 0.15)

PLATFORMS
  x86_64-linux

DEPENDENCIES
  memoist
  minitest
  optparse
  pry-byebug

BUNDLED WITH
   2.2.3
